GEM
  remote: https://rubygems.org/
  specs:
    amq-protocol (2.3.0)
    bunny (2.14.4)
      amq-protocol (~> 2.3, >= 2.3.0)
    json (2.3.0)
    parseconfig (1.0.8)

PLATFORMS
  ruby

DEPENDENCIES
  bunny
  json
  parseconfig

BUNDLED WITH
   2.1.2
